GEM
  remote: https://rubygems.org/
  specs:
    actioncable (5.2.4.2)
      actionpack (= 5.2.4.2)
      nio4r (~> 2.0)
      websocket-driver (>= 0.6.1)
    actionmailer (5.2.4.2)
      actionpack (= 5.2.4.2)
      actionview (= 5.2.4.2)
      activejob (= 5.2.4.2)
      mail (~> 2.5, >= 2.5.4)
      rails-dom-testing (~> 2.0)
    actionpack (5.2.4.2)
      actionview (= 5.2.4.2)
      activesupport (= 5.2.4.2)
      rack (~> 2.0, >= 2.0.8)
      rack-test (>= 0.6.3)
      rails-dom-testing (~> 2.0)
      rails-html-sanitizer (~> 1.0, >= 1.0.2)
    actionview (5.2.4.2)
      activesupport (= 5.2.4.2)
      builder (~> 3.1)
      erubi (~> 1.4)
      rails-dom-testing (~> 2.0)
      rails-html-sanitizer (~> 1.0, >= 1.0.3)
    activejob (5.2.4.2)
      activesupport (= 5.2.4.2)
      globalid (>= 0.3.6)
    activemodel (5.2.4.2)
      activesupport (= 5.2.4.2)
    activerecord (5.2.4.2)
      activemodel (= 5.2.4.2)
      activesupport (= 5.2.4.2)
      arel (>= 9.0)
    activestorage (5.2.4.2)
      actionpack (= 5.2.4.2)
      activerecord (= 5.2.4.2)
      marcel (~> 0.3.1)
    activesupport (5.2.4.2)
      concurrent-ruby (~> 1.0, >= 1.0.2)
      i18n (>= 0.7, < 2)
      minitest (~> 5.1)
      tzinfo (~> 1.1)
    addressable (2.7.0)
      public_suffix (>= 2.0.2, < 5.0)
    arel (9.0.0)
    aws-eventstream (1.1.0)
    aws-partitions (1.303.0)
    aws-sdk-core (3.94.0)
      aws-eventstream (~> 1, >= 1.0.2)
      aws-partitions (~> 1, >= 1.239.0)
      aws-sigv4 (~> 1.1)
      jmespath (~> 1.0)
    aws-sdk-kms (1.30.0)
      aws-sdk-core (~> 3, >= 3.71.0)
      aws-sigv4 (~> 1.1)
    aws-sdk-s3 (1.63.0)
      aws-sdk-core (~> 3, >= 3.83.0)
      aws-sdk-kms (~> 1)
      aws-sigv4 (~> 1.1)
    aws-sigv4 (1.1.2)
      aws-eventstream (~> 1.0, >= 1.0.2)
    bcrypt (3.1.13)
    better_errors (2.7.0)
      coderay (>= 1.0.0)
      erubi (>= 1.0.0)
      rack (>= 0.9.0)
    bindex (0.8.1)
    bootsnap (1.4.6)
      msgpack (~> 1.0)
    builder (3.2.4)
    byebug (11.1.3)
    capybara (3.32.1)
      addressable
      mini_mime (>= 0.1.3)
      nokogiri (~> 1.8)
      rack (>= 1.6.0)
      rack-test (>= 0.6.3)
      regexp_parser (~> 1.5)
      xpath (~> 3.2)
    climate_control (0.2.0)
    coderay (1.1.2)
    coffee-rails (5.0.0)
      coffee-script (>= 2.2.0)
      railties (>= 5.2.0)
    coffee-script (2.2.0)
      coffee-script-source
      execjs
    coffee-script-source (1.12.2)
    colorize (0.8.1)
    concurrent-ruby (1.1.7)
    crass (1.0.6)
    daemons (1.3.1)
    diff-lcs (1.3)
    email_validator (2.0.1)
      activemodel
    erubi (1.10.0)
    eventmachine (1.2.7)
    execjs (2.7.0)
    factory_bot (5.1.2)
      activesupport (>= 4.2.0)
    factory_bot_rails (5.1.1)
      factory_bot (~> 5.1.0)
      railties (>= 4.2.0)
    ffi (1.12.2)
    font-awesome-rails (4.7.0.5)
      railties (>= 3.2, < 6.1)
    font_awesome5_rails (1.3.0)
      railties (>= 4.2)
    globalid (0.4.2)
      activesupport (>= 4.2.0)
    grim (1.3.3)
    i18n (1.8.5)
      concurrent-ruby (~> 1.0)
    isbn_validation (1.2.2)
      activerecord (>= 3)
    jbuilder (2.10.0)
      activesupport (>= 5.0.0)
    jmespath (1.4.0)
    jquery-rails (4.3.5)
      rails-dom-testing (>= 1, < 3)
      railties (>= 4.2.0)
      thor (>= 0.14, < 2.0)
    json (1.8.6)
    language_list (1.2.1)
    listen (3.2.1)
      rb-fsevent (~> 0.10, >= 0.10.3)
      rb-inotify (~> 0.9, >= 0.9.10)
    loofah (2.8.0)
      crass (~> 1.0.2)
      nokogiri (>= 1.5.9)
    mail (2.7.1)
      mini_mime (>= 0.1.1)
    marcel (0.3.3)
      mimemagic (~> 0.3.2)
    meta_request (0.7.2)
      rack-contrib (>= 1.1, < 3)
      railties (>= 3.0.0, < 7)
    method_source (1.0.0)
    mime-types (3.3.1)
      mime-types-data (~> 3.2015)
    mime-types-data (3.2019.1009)
    mimemagic (0.3.10)
      nokogiri (~> 1)
      rake
    mini_mime (1.0.2)
    mini_portile2 (2.4.0)
    minitest (5.14.2)
    msgpack (1.3.3)
    nio4r (2.5.8)
    nokogiri (1.10.10)
      mini_portile2 (~> 2.4.0)
    origami (2.1.0)
      colorize (~> 0.7)
    paperclip (6.1.0)
      activemodel (>= 4.2.0)
      activesupport (>= 4.2.0)
      mime-types
      mimemagic (~> 0.3.0)
      terrapin (~> 0.6.0)
    pg (0.21.0)
    pry (0.13.1)
      coderay (~> 1.1)
      method_source (~> 1.0)
    pry-rails (0.3.9)
      pry (>= 0.10.4)
    public_suffix (4.0.4)
    puma (4.3.12)
      nio4r (~> 2.0)
    rack (2.2.3)
    rack-contrib (2.3.0)
      rack (~> 2.0)
    rack-test (1.1.0)
      rack (>= 1.0, < 3)
    rails (5.2.4.2)
      actioncable (= 5.2.4.2)
      actionmailer (= 5.2.4.2)
      actionpack (= 5.2.4.2)
      actionview (= 5.2.4.2)
      activejob (= 5.2.4.2)
      activemodel (= 5.2.4.2)
      activerecord (= 5.2.4.2)
      activestorage (= 5.2.4.2)
      activesupport (= 5.2.4.2)
      bundler (>= 1.3.0)
      railties (= 5.2.4.2)
      sprockets-rails (>= 2.0.0)
    rails-dom-testing (2.0.3)
      activesupport (>= 4.2.0)
      nokogiri (>= 1.6)
    rails-html-sanitizer (1.3.0)
      loofah (~> 2.3)
    rails_12factor (0.0.3)
      rails_serve_static_assets
      rails_stdout_logging
    rails_layout (1.0.42)
    rails_real_favicon (0.1.0)
      json (>= 1.7, < 3)
      rails
      rubyzip (~> 2)
    rails_serve_static_assets (0.0.5)
    rails_stdout_logging (0.0.5)
    railties (5.2.4.2)
      actionpack (= 5.2.4.2)
      activesupport (= 5.2.4.2)
      method_source
      rake (>= 0.8.7)
      thor (>= 0.19.0, < 2.0)
    rake (13.0.3)
    rb-fsevent (0.10.3)
    rb-inotify (0.10.1)
      ffi (~> 1.0)
    rdoc (4.3.0)
    redcarpet (3.5.0)
    regexp_parser (1.7.0)
    rspec-core (3.9.1)
      rspec-support (~> 3.9.1)
    rspec-expectations (3.9.1)
      diff-lcs (>= 1.2.0, < 2.0)
      rspec-support (~> 3.9.0)
    rspec-mocks (3.9.1)
      diff-lcs (>= 1.2.0, < 2.0)
      rspec-support (~> 3.9.0)
    rspec-rails (3.9.1)
      actionpack (>= 3.0)
      activesupport (>= 3.0)
      railties (>= 3.0)
      rspec-core (~> 3.9.0)
      rspec-expectations (~> 3.9.0)
      rspec-mocks (~> 3.9.0)
      rspec-support (~> 3.9.0)
    rspec-support (3.9.2)
    rubyzip (2.3.0)
    sass (3.7.4)
      sass-listen (~> 4.0.0)
    sass-listen (4.0.0)
      rb-fsevent (~> 0.9, >= 0.9.4)
      rb-inotify (~> 0.9, >= 0.9.7)
    sass-rails (5.1.0)
      railties (>= 5.2.0)
      sass (~> 3.1)
      sprockets (>= 2.8, < 4.0)
      sprockets-rails (>= 2.0, < 4.0)
      tilt (>= 1.1, < 3)
    sdoc (0.4.2)
      json (~> 1.7, >= 1.7.7)
      rdoc (~> 4.0)
    spring (2.1.0)
    sprockets (3.7.2)
      concurrent-ruby (~> 1.0)
      rack (> 1, < 3)
    sprockets-rails (3.2.1)
      actionpack (>= 4.0)
      activesupport (>= 4.0)
      sprockets (>= 3.0.0)
    sqlite3 (1.3.13)
    teacup-rails (0.2.3)
      coffee-script (~> 2.2.0)
      railties (>= 3.1.0)
    terrapin (0.6.0)
      climate_control (>= 0.0.3, < 1.0)
    thin (1.7.2)
      daemons (~> 1.0, >= 1.0.9)
      eventmachine (~> 1.0, >= 1.0.4)
      rack (>= 1, < 3)
    thor (1.0.1)
    thread_safe (0.3.6)
    tilt (2.0.10)
    turbolinks (5.2.1)
      turbolinks-source (~> 5.2)
    turbolinks-source (5.2.0)
    tzinfo (1.2.9)
      thread_safe (~> 0.1)
    uglifier (4.2.0)
      execjs (>= 0.3.0, < 3)
    web-console (3.7.0)
      actionview (>= 5.0)
      activemodel (>= 5.0)
      bindex (>= 0.4.0)
      railties (>= 5.0)
    websocket-driver (0.7.1)
      websocket-extensions (>= 0.1.0)
    websocket-extensions (0.1.4)
    will_paginate (3.1.7)
    xpath (3.2.0)
      nokogiri (~> 1.8)

PLATFORMS
  ruby

DEPENDENCIES
  aws-sdk-s3
  bcrypt
  better_errors
  bootsnap
  byebug
  capybara
  coffee-rails
  email_validator
  factory_bot_rails
  font-awesome-rails
  font_awesome5_rails
  grim
  isbn_validation
  jbuilder (~> 2.0)
  jquery-rails
  language_list
  listen
  meta_request
  origami
  paperclip
  pg (~> 0.18)
  pry-rails
  puma
  rails (~> 5.2)
  rails_12factor
  rails_layout
  rails_real_favicon
  redcarpet
  rspec-rails (~> 3.5)
  sass-rails (~> 5.0)
  sdoc (~> 0.4.0)
  spring
  sqlite3 (~> 1.3, < 1.4)
  teacup-rails
  thin
  turbolinks
  uglifier (>= 1.3.0)
  web-console (~> 3.7)
  will_paginate (= 3.1.7)

RUBY VERSION
   ruby 2.6.6p146

BUNDLED WITH
   1.17.3
